GEM
  remote: https://rubygems.org/
  specs:
    Ascii85 (1.0.3)
    addressable (2.7.0)
      public_suffix (>= 2.0.2, < 5.0)
    afm (0.2.2)
    asciidoctor (1.5.8)
    asciidoctor-epub3 (1.5.0.alpha.13)
      asciidoctor (>= 1.5.3, < 3.0.0)
      gepub (~> 1.0.0)
    asciidoctor-mathematical (0.2.2)
      asciidoctor (~> 1.5, >= 1.5.0)
      mathematical (~> 1.5, >= 1.5.8)
      ruby-enum (~> 0.4)
    asciidoctor-pdf (1.5.0.rc.3)
      asciidoctor (>= 1.5.3, < 3.0.0)
      concurrent-ruby (~> 1.1.0)
      prawn (~> 2.2.0)
      prawn-icon (~> 2.5.0)
      prawn-svg (~> 0.30.0)
      prawn-table (~> 0.2.0)
      prawn-templates (~> 0.1.0)
      safe_yaml (~> 1.0.0)
      thread_safe (~> 0.3.0)
      treetop (~> 1.6.0)
      ttfunk (~> 1.5.0, >= 1.5.1)
    coderay (1.1.2)
    concurrent-ruby (1.1.5)
    css_parser (1.7.1)
      addressable
    gepub (1.0.15)
      nokogiri (>= 1.8.2, < 2.0)
      rubyzip (> 1.1.1, < 2.4)
    hashery (2.1.2)
    i18n (1.8.2)
      concurrent-ruby (~> 1.0)
    mathematical (1.6.13)
      ruby-enum (~> 0.4)
    mini_portile2 (2.8.0)
    minitest (5.14.0)
    nokogiri (1.13.6)
      mini_portile2 (~> 2.8.0)
      racc (~> 1.4)
    pdf-core (0.7.0)
    pdf-reader (2.4.0)
      Ascii85 (~> 1.0.0)
      afm (~> 0.2.1)
      hashery (~> 2.0)
      ruby-rc4
      ttfunk
    polyglot (0.3.5)
    prawn (2.2.2)
      pdf-core (~> 0.7.0)
      ttfunk (~> 1.5)
    prawn-icon (2.5.0)
      prawn (>= 1.1.0, < 3.0.0)
    prawn-svg (0.30.0)
      css_parser (~> 1.6)
      prawn (>= 0.11.1, < 3)
    prawn-table (0.2.2)
      prawn (>= 1.3.0, < 3.0.0)
    prawn-templates (0.1.2)
      pdf-reader (~> 2.0)
      prawn (~> 2.2)
    public_suffix (4.0.3)
    racc (1.6.0)
    rake (13.0.1)
    ruby-enum (0.7.2)
      i18n
    ruby-rc4 (0.1.5)
    rubyzip (2.3.2)
    safe_yaml (1.0.5)
    thread_safe (0.3.6)
    treetop (1.6.10)
      polyglot (~> 0.3)
    ttfunk (1.5.1)

PLATFORMS
  ruby

DEPENDENCIES
  asciidoctor (~> 1.5.0)
  asciidoctor-epub3 (~> 1.5.0.alpha.13)
  asciidoctor-mathematical (~> 0.2.2)
  asciidoctor-pdf (~> 1.5.0.rc.3)
  coderay (~> 1.1.0)
  minitest (~> 5.14.0)
  rake (~> 13.0.0)

BUNDLED WITH
   2.1.2
